PATH
  remote: .
  specs:
    whoopsy (0.1.2)
      crack
      trollop
      whoops_logger

GEM
  remote: https://rubygems.org/
  specs:
    ast (1.1.0)
    colorize (0.5.8)
    coveralls (0.6.7)
      colorize
      multi_json (~> 1.3)
      rest-client
      simplecov (>= 0.7)
      thor
    crack (0.4.1)
      safe_yaml (~> 0.9.0)
    diff-lcs (1.2.1)
    json (1.8.0)
    mime-types (1.25)
    multi_json (1.7.9)
    parser (2.0.0.pre3)
      ast (~> 1.1)
      slop (~> 3.4, >= 3.4.5)
    rake (10.0.3)
    rest-client (1.6.7)
      mime-types (>= 1.16)
    rspec (2.13.0)
      rspec-core (~> 2.13.0)
      rspec-expectations (~> 2.13.0)
      rspec-mocks (~> 2.13.0)
    rspec-core (2.13.0)
    rspec-expectations (2.13.0)
      diff-lcs (>= 1.1.3, < 2.0)
    rspec-mocks (2.13.0)
    ruby-lint (0.0.4)
      parser (>= 2.0.0.pre2)
      slop
    safe_yaml (0.9.4)
    simplecov (0.7.1)
      multi_json (~> 1.0)
      simplecov-html (~> 0.7.1)
    simplecov-html (0.7.1)
    slop (3.4.6)
    thor (0.18.1)
    trollop (2.0)
    whoops_logger (0.1.4)
      json

PLATFORMS
  ruby

DEPENDENCIES
  coveralls
  rake
  rspec
  ruby-lint
  whoopsy!
